PATH
  remote: ../sector_seven_rails
  specs:
    sector_seven_rails (0.1.0)
      rack (~> 2.0.7)

GEM
  remote: https://rubygems.org/
  specs:
    rack (2.0.9.4)

PLATFORMS
  ruby

DEPENDENCIES
  sector_seven_rails!

BUNDLED WITH
   2.1.4
